PATH
  remote: .
  specs:
    brightbox-cli (4.0.0.rc1)
      dry-inflector (< 0.2)
      fog-brightbox (>= 1.3.0)
      fog-core (< 2.0)
      gli (~> 2.12.0)
      highline (~> 1.6.0)
      hirb (~> 0.6)
      i18n (>= 0.6, < 1.11)
      mime-types (~> 2.6)
      multi_json (~> 1.11.0)

GEM
  remote: https://rubygems.org/
  specs:
    addressable (2.8.0)
      public_suffix (>= 2.0.2, < 5.0)
    builder (3.2.4)
    coderay (1.0.9)
    concurrent-ruby (1.1.10)
    crack (0.4.5)
      rexml
    diff-lcs (1.4.3)
    dry-inflector (0.1.2)
    excon (0.79.0)
    fog-brightbox (1.4.0)
      dry-inflector
      fog-core (>= 1.45, < 3.0)
      fog-json
    fog-core (1.45.0)
      builder
      excon (~> 0.58)
      formatador (~> 0.2)
    fog-json (1.2.0)
      fog-core
      multi_json (~> 1.10)
    formatador (0.2.5)
    gli (2.12.3)
    hashdiff (1.0.1)
    highline (1.6.21)
    hirb (0.7.3)
    i18n (1.10.0)
      concurrent-ruby (~> 1.0)
    metaclass (0.0.1)
    method_source (0.8.1)
    mime-types (2.99.3)
    mocha (0.14.0)
      metaclass (~> 0.0.1)
    multi_json (1.11.3)
    pry (0.9.12.2)
      coderay (~> 1.0.5)
      method_source (~> 0.8)
      slop (~> 3.4)
    pry-remote (0.1.8)
      pry (~> 0.9)
      slop (~> 3.0)
    public_suffix (4.0.7)
    rake (12.3.3)
    rexml (3.2.5)
    rspec (3.9.0)
      rspec-core (~> 3.9.0)
      rspec-expectations (~> 3.9.0)
      rspec-mocks (~> 3.9.0)
    rspec-core (3.9.2)
      rspec-support (~> 3.9.3)
    rspec-expectations (3.9.2)
      diff-lcs (>= 1.2.0, < 2.0)
      rspec-support (~> 3.9.0)
    rspec-mocks (3.9.1)
      diff-lcs (>= 1.2.0, < 2.0)
      rspec-support (~> 3.9.0)
    rspec-support (3.9.3)
    slop (3.4.5)
    vcr (2.5.0)
    webmock (3.14.0)
      addressable (>= 2.8.0)
      crack (>= 0.3.2)
      hashdiff (>= 0.4.0, < 2.0.0)

PLATFORMS
  ruby

DEPENDENCIES
  brightbox-cli!
  mocha
  pry-remote
  rake
  rspec
  vcr (~> 2.5)
  webmock

BUNDLED WITH
   2.1.4
