PATH
  remote: .
  specs:
    brightbox-cli (5.0.0.alpha)
      fog-brightbox (>= 1.11.0)
      fog-core (< 2.0)
      gli (~> 2.21)
      highline (~> 2.0)
      hirb (~> 0.6)
      i18n (>= 0.6, < 1.11)
      mime-types (~> 3.0)
      multi_json (~> 1.11)

GEM
  remote: https://rubygems.org/
  specs:
    addressable (2.8.0)
      public_suffix (>= 2.0.2, < 5.0)
    ast (2.4.2)
    builder (3.3.0)
    coderay (1.1.3)
    concurrent-ruby (1.3.4)
    crack (0.4.5)
      rexml
    diff-lcs (1.5.0)
    docile (1.4.1)
    dry-inflector (1.1.0)
    excon (0.112.0)
    fog-brightbox (1.11.0)
      dry-inflector
      fog-core (>= 1.45, < 3.0)
      fog-json
    fog-core (1.45.0)
      builder
      excon (~> 0.58)
      formatador (~> 0.2)
    fog-json (1.2.0)
      fog-core
      multi_json (~> 1.10)
    formatador (0.3.0)
    gli (2.22.0)
    hashdiff (1.0.1)
    highline (2.1.0)
    hirb (0.7.3)
    i18n (1.10.0)
      concurrent-ruby (~> 1.0)
    logger (1.6.2)
    method_source (1.0.0)
    mime-types (3.6.0)
      logger
      mime-types-data (~> 3.2015)
    mime-types-data (3.2024.1203)
    mocha (1.14.0)
    multi_json (1.15.0)
    parallel (1.22.1)
    parser (3.1.2.0)
      ast (~> 2.4.1)
    pry (0.14.1)
      coderay (~> 1.1)
      method_source (~> 1.0)
    pry-remote (0.1.8)
      pry (~> 0.9)
      slop (~> 3.0)
    public_suffix (4.0.7)
    rainbow (3.1.1)
    rake (13.0.6)
    regexp_parser (2.5.0)
    rexml (3.3.9)
    rspec (3.11.0)
      rspec-core (~> 3.11.0)
      rspec-expectations (~> 3.11.0)
      rspec-mocks (~> 3.11.0)
    rspec-core (3.11.0)
      rspec-support (~> 3.11.0)
    rspec-expectations (3.11.0)
      diff-lcs (>= 1.2.0, < 2.0)
      rspec-support (~> 3.11.0)
    rspec-mocks (3.11.1)
      diff-lcs (>= 1.2.0, < 2.0)
      rspec-support (~> 3.11.0)
    rspec-support (3.11.0)
    rubocop (1.28.2)
      parallel (~> 1.10)
      parser (>= 3.1.0.0)
      rainbow (>= 2.2.2, < 4.0)
      regexp_parser (>= 1.8, < 3.0)
      rexml
      rubocop-ast (>= 1.17.0, < 2.0)
      ruby-progressbar (~> 1.7)
      unicode-display_width (>= 1.4.0, < 3.0)
    rubocop-ast (1.17.0)
      parser (>= 3.1.1.0)
    rubocop-rake (0.6.0)
      rubocop (~> 1.0)
    rubocop-rspec (2.10.0)
      rubocop (~> 1.19)
    ruby-progressbar (1.11.0)
    simplecov (0.22.0)
      docile (~> 1.1)
      simplecov-html (~> 0.11)
      simplecov_json_formatter (~> 0.1)
    simplecov-html (0.13.1)
    simplecov_json_formatter (0.1.4)
    slop (3.6.0)
    unicode-display_width (2.1.0)
    vcr (2.9.3)
    webmock (3.14.0)
      addressable (>= 2.8.0)
      crack (>= 0.3.2)
      hashdiff (>= 0.4.0, < 2.0.0)

PLATFORMS
  ruby

DEPENDENCIES
  brightbox-cli!
  mocha
  pry-remote
  rake
  rspec
  rubocop
  rubocop-rake
  rubocop-rspec
  simplecov
  vcr (~> 2.5)
  webmock

BUNDLED WITH
   2.4.22
