PATH
  remote: .
  specs:
    brightbox-cli (2.11.1)
      dry-inflector (< 0.2)
      fog-brightbox (>= 0.16.0, < 1.0)
      fog-core (< 2.0)
      gli (~> 2.12.0)
      highline (~> 1.6.0)
      hirb (~> 0.6)
      i18n (~> 0.6.0)
      mime-types (~> 2.6)
      multi_json (~> 1.11.0)

GEM
  remote: https://rubygems.org/
  specs:
    addressable (2.3.8)
    builder (3.2.3)
    coderay (1.0.9)
    crack (0.4.2)
      safe_yaml (~> 1.0.0)
    diff-lcs (1.2.5)
    dry-inflector (0.1.2)
    excon (0.62.0)
    fog-brightbox (0.16.1)
      dry-inflector
      fog-core
      fog-json
      mime-types
    fog-core (1.45.0)
      builder
      excon (~> 0.58)
      formatador (~> 0.2)
    fog-json (1.2.0)
      fog-core
      multi_json (~> 1.10)
    formatador (0.2.5)
    gli (2.12.3)
    highline (1.6.21)
    hirb (0.7.3)
    i18n (0.6.11)
    metaclass (0.0.1)
    method_source (0.8.1)
    mime-types (2.99.3)
    mocha (0.14.0)
      metaclass (~> 0.0.1)
    multi_json (1.11.3)
    pry (0.9.12.2)
      coderay (~> 1.0.5)
      method_source (~> 0.8)
      slop (~> 3.4)
    pry-remote (0.1.8)
      pry (~> 0.9)
      slop (~> 3.0)
    rake (10.1.0)
    rspec (2.99.0)
      rspec-core (~> 2.99.0)
      rspec-expectations (~> 2.99.0)
      rspec-mocks (~> 2.99.0)
    rspec-core (2.99.1)
    rspec-expectations (2.99.1)
      diff-lcs (>= 1.1.3, < 2.0)
    rspec-mocks (2.99.1)
    safe_yaml (1.0.4)
    slop (3.4.5)
    vcr (2.5.0)
    webmock (1.21.0)
      addressable (>= 2.3.6)
      crack (>= 0.3.2)

PLATFORMS
  ruby

DEPENDENCIES
  brightbox-cli!
  mocha
  pry-remote
  rake
  rspec (~> 2.99)
  vcr (~> 2.5)
  webmock

BUNDLED WITH
   1.16.6
